GEM
  remote: https://rubygems.org/
  specs:
    posix-spawn (0.3.8)
    rack (1.5.2)
    scmd (2.3.1)
      posix-spawn (= 0.3.8)

PLATFORMS
  ruby

DEPENDENCIES
  rack
  scmd
