GEM
  remote: https://rubygems.org/
  specs:
    deas (0.31.0)
      ns-options (~> 1.1, >= 1.1.4)
      rack (~> 1.5)
      sinatra (~> 1.4)
    ns-options (1.1.6)
    rack (1.6.0)
    rack-protection (1.5.3)
      rack
    sinatra (1.4.5)
      rack (~> 1.4)
      rack-protection (~> 1.4)
      tilt (~> 1.3, >= 1.3.4)
    tilt (1.4.1)

PLATFORMS
  ruby

DEPENDENCIES
  deas (= 0.31.0)
